GEM
  remote: https://rubygems.org/
  specs:
    backports (3.6.4)
    daemons (1.2.2)
    domain_name (0.5.23)
      unf (>= 0.0.5, < 1.0.0)
    eventmachine (1.0.7)
    http-cookie (1.0.2)
      domain_name (~> 0.5)
    mime-types (2.4.3)
    multi_json (1.11.0)
    netrc (0.10.3)
    rack (1.6.0)
    rack-protection (1.5.3)
      rack
    rack-test (0.6.3)
      rack (>= 1.0)
    rest-client (1.8.0)
      http-cookie (>= 1.0.2, < 2.0)
      mime-types (>= 1.16, < 3.0)
      netrc (~> 0.7)
    sinatra (1.4.3)
      rack (~> 1.4)
      rack-protection (~> 1.4)
      tilt (~> 1.3, >= 1.3.4)
    sinatra-contrib (1.4.0)
      backports (>= 2.0)
      eventmachine
      rack-protection
      rack-test
      sinatra (~> 1.4.2)
      tilt (~> 1.3)
    stripe (1.8.3)
      multi_json (>= 1.0.4, < 2)
      rest-client (~> 1.4)
    thin (1.6.3)
      daemons (~> 1.0, >= 1.0.9)
      eventmachine (~> 1.0)
      rack (~> 1.0)
    tilt (1.4.1)
    unf (0.1.4)
      unf_ext
    unf_ext (0.0.6)

PLATFORMS
  ruby

DEPENDENCIES
  sinatra (= 1.4.3)
  sinatra-contrib (= 1.4.0)
  stripe (= 1.8.3)
  thin
